GEM
  remote: https://rubygems.org/
  specs:
    jquery (0.0.1)

PLATFORMS
  ruby

DEPENDENCIES
  jquery

BUNDLED WITH
   1.12.5
