GEM
  remote: https://rubygems.org/
  specs:
    font-awesome-sass (4.7.0)
      sass (>= 3.2)
    jquery (0.0.1)
    sass (3.4.23)

PLATFORMS
  ruby

DEPENDENCIES
  font-awesome-sass
  jquery

BUNDLED WITH
   1.12.5
